PATH
  remote: .
  specs:
    skypost (0.0.2)
      faraday (~> 2.7)
      json (~> 2.6)

GEM
  remote: https://rubygems.org/
  specs:
    faraday (2.12.1)
      faraday-net_http (>= 2.0, < 3.5)
      json
      logger
    faraday-net_http (3.4.0)
      net-http (>= 0.5.0)
    json (2.8.2)
    logger (1.6.1)
    minitest (5.25.2)
    net-http (0.5.0)
      uri
    rake (13.2.1)
    uri (1.0.2)

PLATFORMS
  arm64-darwin-23
  ruby

DEPENDENCIES
  bundler (~> 2.0)
  minitest (~> 5.0)
  rake (~> 13.0)
  skypost!

BUNDLED WITH
   2.5.23
